NUGET
  remote: https://www.nuget.org/api/v2
  specs:
    FsEye (2.1) - framework: >= net45
    FSharp.Compiler.Service (3.0)
    FSharp.Core (4.0.0.1) - framework: >= net45
    FSharp.Core.Fluent-4.0 (1.0.0.5) - framework: >= net45
    Microsoft.VisualStudio.CoreUtility (14.0.23107) - framework: >= net45
    Microsoft.VisualStudio.Text.Data (14.0.23107) - framework: >= net45
      Microsoft.VisualStudio.CoreUtility (>= 14.0.23107)
    Microsoft.VisualStudio.Text.Logic (14.0.23107) - framework: >= net45
      Microsoft.VisualStudio.CoreUtility (>= 14.0.23107)
      Microsoft.VisualStudio.Text.Data (>= 14.0.23107)
    Microsoft.VisualStudio.Text.UI (14.0.23107) - framework: >= net45
      Microsoft.VisualStudio.CoreUtility (>= 14.0.23107)
      Microsoft.VisualStudio.Text.Data (>= 14.0.23107)
      Microsoft.VisualStudio.Text.Logic (>= 14.0.23107)
    Microsoft.VisualStudio.Text.UI.Wpf (14.0.23107) - framework: >= net45
      Microsoft.VisualStudio.CoreUtility (>= 14.0.23107)
      Microsoft.VisualStudio.Text.Data (>= 14.0.23107)
      Microsoft.VisualStudio.Text.Logic (>= 14.0.23107)
      Microsoft.VisualStudio.Text.UI (>= 14.0.23107)
    Microsoft.VSSDK.BuildTools (14.0.23107) - framework: >= net45
